PATH
  remote: .
  specs:
    tuby (0.0.1)

GEM
  remote: https://rubygems.org/
  specs:
    minitest (5.10.3)
    racc (1.4.14)
    rake (12.3.0)
    rake-compiler (1.0.4)
      rake

PLATFORMS
  ruby

DEPENDENCIES
  bundler (~> 1.16)
  minitest (~> 5.10)
  racc (~> 1.4)
  rake (~> 12.3)
  rake-compiler (~> 1.0)
  tuby!

BUNDLED WITH
   1.16.0
